GEM
  remote: http://rubygems.org/
  specs:
    git (1.2.5)
    haml (3.1.1)
    jeweler (1.6.2)
      bundler (~> 1.0)
      git (>= 1.2.5)
      rake
    rack (1.3.0)
    rake (0.8.7)
    rcov (0.9.9)

PLATFORMS
  ruby

DEPENDENCIES
  bundler (~> 1.0.0)
  haml (~> 3.1.1)
  jeweler (~> 1.6.2)
  rack (~> 1.3.0)
  rake (~> 0.8.7)
  rcov
